GEM
  remote: https://rubygems.org/
  specs:
    awesome_print (1.8.0)
    backports (3.15.0)
    builder (3.2.3)
    calabash-android (0.9.12)
      awesome_print (~> 1.2)
      cucumber
      escape (~> 0.0.4)
      httpclient (>= 2.7.1, < 3.0)
      json
      rubyzip (>= 1.2.2, < 1.3)
      slowhandcuke (~> 0.0.3)
    cucumber (3.1.2)
      builder (>= 2.1.2)
      cucumber-core (~> 3.2.0)
      cucumber-expressions (~> 6.0.1)
      cucumber-wire (~> 0.0.1)
      diff-lcs (~> 1.3)
      gherkin (~> 5.1.0)
      multi_json (>= 1.7.5, < 2.0)
      multi_test (>= 0.1.2)
    cucumber-core (3.2.1)
      backports (>= 3.8.0)
      cucumber-tag_expressions (~> 1.1.0)
      gherkin (~> 5.0)
    cucumber-expressions (6.0.1)
    cucumber-tag_expressions (1.1.1)
    cucumber-wire (0.0.1)
    diff-lcs (1.3)
    escape (0.0.4)
    gherkin (5.1.0)
    httpclient (2.8.3)
    json (2.2.0)
    multi_json (1.14.1)
    multi_test (0.1.2)
    rubyzip (1.2.4)
    slowhandcuke (0.0.3)
      cucumber

PLATFORMS
  ruby

DEPENDENCIES
  calabash-android
  cucumber

BUNDLED WITH
   1.17.2
